GEM
  remote: https://rubygems.org/
  specs:
    bson (4.2.1)
    bson_ext (1.5.1)
    daemons (1.2.4)
    eventmachine (1.2.3)
    json (2.0.3)
    minitest (5.10.1)
    mongo (2.4.1)
      bson (>= 4.2.1, < 5.0.0)
    rack (1.6.5)
    rack-protection (1.5.3)
      rack
    rack-test (0.6.3)
      rack (>= 1.0)
    sinatra (1.4.8)
      rack (~> 1.5)
      rack-protection (~> 1.4)
      tilt (>= 1.3, < 3)
    thin (1.7.0)
      daemons (~> 1.0, >= 1.0.9)
      eventmachine (~> 1.0, >= 1.0.4)
      rack (>= 1, < 3)
    tilt (2.0.6)

PLATFORMS
  ruby

DEPENDENCIES
  bson_ext
  json
  minitest (~> 5.10, >= 5.10.1)
  mongo
  rack-test
  sinatra
  thin

RUBY VERSION
   ruby 2.0.0p648

BUNDLED WITH
   1.14.5
